PATH
  remote: .
  specs:
    sliding_partition (0.3.1)
      activerecord (>= 4.2.0, <= 6.0.0)
      pg
      rounding

GEM
  remote: https://rubygems.org/
  specs:
    activemodel (5.1.4)
      activesupport (= 5.1.4)
    activerecord (5.1.4)
      activemodel (= 5.1.4)
      activesupport (= 5.1.4)
      arel (~> 8.0)
    activesupport (5.1.4)
      concurrent-ruby (~> 1.0, >= 1.0.2)
      i18n (~> 0.7)
      minitest (~> 5.1)
      tzinfo (~> 1.1)
    arel (8.0.0)
    ast (2.4.0)
    awesome_print (1.7.0)
    byebug (9.0.5)
    codeclimate-test-reporter (0.6.0)
      simplecov (>= 0.7.1, < 1.0.0)
    coderay (1.1.2)
    concurrent-ruby (1.0.5)
    diff-lcs (1.3)
    docile (1.1.5)
    ffi (1.9.21)
    formatador (0.2.5)
    gemsmith (10.4.2)
      bundler (~> 1.15)
      milestoner (~> 6.2)
      pragmater (~> 4.2)
      refinements (~> 4.2)
      rubocop (~> 0.51)
      runcom (~> 1.3)
      thor (~> 0.20)
      tocer (~> 6.2)
      versionaire (~> 3.2)
    guard (2.14.2)
      formatador (>= 0.2.4)
      listen (>= 2.7, < 4.0)
      lumberjack (>= 1.0.12, < 2.0)
      nenv (~> 0.1)
      notiffany (~> 0.0)
      pry (>= 0.9.12)
      shellany (~> 0.0)
      thor (>= 0.18.1)
    guard-compat (1.2.1)
    guard-rspec (4.7.3)
      guard (~> 2.1)
      guard-compat (~> 1.1)
      rspec (>= 2.99.0, < 4.0)
    i18n (0.9.1)
      concurrent-ruby (~> 1.0)
    json (2.0.2)
    listen (3.1.5)
      rb-fsevent (~> 0.9, >= 0.9.4)
      rb-inotify (~> 0.9, >= 0.9.7)
      ruby_dep (~> 1.2)
    lumberjack (1.0.12)
    method_source (0.8.2)
    milestoner (6.3.1)
      runcom (~> 1.3)
      thor (~> 0.20)
      versionaire (~> 3.2)
    minitest (5.11.1)
    nenv (0.3.0)
    notiffany (0.1.1)
      nenv (~> 0.1)
      shellany (~> 0.0)
    parallel (1.12.1)
    parser (2.4.0.2)
      ast (~> 2.3)
    pg (0.21.0)
    powerpack (0.1.1)
    pragmater (4.3.1)
      runcom (~> 1.3)
      thor (~> 0.20)
    pry (0.10.4)
      coderay (~> 1.1.0)
      method_source (~> 0.8.1)
      slop (~> 3.4)
    pry-byebug (3.4.0)
      byebug (~> 9.0)
      pry (~> 0.10)
    pry-state (0.1.7)
      pry (>= 0.9.10, < 0.11.0)
    rainbow (3.0.0)
    rake (11.2.2)
    rb-fsevent (0.10.2)
    rb-inotify (0.9.10)
      ffi (>= 0.5.0, < 2)
    refinements (4.3.1)
    rounding (1.0.1)
    rspec (3.7.0)
      rspec-core (~> 3.7.0)
      rspec-expectations (~> 3.7.0)
      rspec-mocks (~> 3.7.0)
    rspec-core (3.7.1)
      rspec-support (~> 3.7.0)
    rspec-expectations (3.7.0)
      diff-lcs (>= 1.2.0, < 2.0)
      rspec-support (~> 3.7.0)
    rspec-mocks (3.7.0)
      diff-lcs (>= 1.2.0, < 2.0)
      rspec-support (~> 3.7.0)
    rspec-support (3.7.1)
    rubocop (0.52.1)
      parallel (~> 1.10)
      parser (>= 2.4.0.2, < 3.0)
      powerpack (~> 0.1)
      rainbow (>= 2.2.2, < 4.0)
      ruby-progressbar (~> 1.7)
      unicode-display_width (~> 1.0, >= 1.0.1)
    ruby-progressbar (1.9.0)
    ruby_dep (1.5.0)
    runcom (1.4.1)
      refinements (~> 4.2)
    shellany (0.0.1)
    simplecov (0.12.0)
      docile (~> 1.1.0)
      json (>= 1.8, < 3)
      simplecov-html (~> 0.10.0)
    simplecov-html (0.10.0)
    slop (3.6.0)
    terminal-notifier (1.6.3)
    thor (0.20.0)
    thread_safe (0.3.6)
    tocer (6.3.1)
      refinements (~> 4.2)
      runcom (~> 1.3)
      thor (~> 0.20)
    tzinfo (1.2.4)
      thread_safe (~> 0.1)
    unicode-display_width (1.3.0)
    versionaire (3.3.1)

PLATFORMS
  ruby

DEPENDENCIES
  awesome_print
  bundler (~> 1.12)
  codeclimate-test-reporter
  gemsmith (~> 10.4.2)
  guard-rspec
  pry
  pry-byebug
  pry-state
  rake (~> 11.0)
  rb-fsevent
  rspec (~> 3.5)
  rubocop (~> 0.52)
  sliding_partition!
  terminal-notifier

BUNDLED WITH
   1.16.1
